GEM
  remote: https://rubygems.org/
  specs:
    mini_exiftool (2.9.0)

PLATFORMS
  ruby

DEPENDENCIES
  mini_exiftool

BUNDLED WITH
   1.16.1
